PATH
  remote: .
  specs:
    hyde (0.2.0)
      thor (~> 1.2.1)

GEM
  remote: https://rubygems.org/
  specs:
    bump (0.10.0)
    diff-lcs (1.5.0)
    dotenv (2.8.1)
    rspec (3.11.0)
      rspec-core (~> 3.11.0)
      rspec-expectations (~> 3.11.0)
      rspec-mocks (~> 3.11.0)
    rspec-core (3.11.0)
      rspec-support (~> 3.11.0)
    rspec-expectations (3.11.1)
      diff-lcs (>= 1.2.0, < 2.0)
      rspec-support (~> 3.11.0)
    rspec-mocks (3.11.1)
      diff-lcs (>= 1.2.0, < 2.0)
      rspec-support (~> 3.11.0)
    rspec-support (3.11.1)
    thor (1.2.1)

PLATFORMS
  arm64-darwin-21
  ruby

DEPENDENCIES
  bump
  dotenv
  hyde!
  rspec
  thor

BUNDLED WITH
   2.3.20
